GEM
  remote: https://rubygems.org/
  specs:
    coderay (1.1.2)
    method_source (0.9.0)
    pry (0.11.3)
      coderay (~> 1.1.0)
      method_source (~> 0.9.0)
    rack (2.0.8)
    roda (3.26.0)
      rack

PLATFORMS
  ruby

DEPENDENCIES
  pry
  roda

BUNDLED WITH
   1.17.2
